GEM
  remote: https://rubygems.org/
  specs:
    activesupport (5.0.0.1)
      concurrent-ruby (~> 1.0, >= 1.0.2)
      i18n (~> 0.7)
      minitest (~> 5.1)
      tzinfo (~> 1.1)
    byebug (9.0.6)
    concurrent-ruby (1.0.2)
    i18n (0.7.0)
    lemmatizer (0.1.1)
    minitest (5.10.1)
    pragmatic_segmenter (0.3.10)
      unicode
    pragmatic_tokenizer (3.0.4)
      unicode
    table_print (1.5.6)
    thread_safe (0.3.5)
    tzinfo (1.2.2)
      thread_safe (~> 0.1)
    unicode (0.4.4.2)

PLATFORMS
  ruby

DEPENDENCIES
  activesupport
  byebug
  lemmatizer
  pragmatic_segmenter
  pragmatic_tokenizer
  table_print

BUNDLED WITH
   1.13.6
